PATH
  remote: .
  specs:
    topological_sort (0.1.0)

GEM
  remote: https://rubygems.org/
  specs:
    minitest (5.14.2)
    rake (10.5.0)

PLATFORMS
  x64-mingw32

DEPENDENCIES
  bundler (~> 2.0.2)
  minitest (~> 5.0)
  rake (~> 10.0)
  topological_sort!

BUNDLED WITH
   2.0.2
